GEM
  remote: http://rubygems.org/
  specs:
    eventmachine (0.12.10)
    foreman (0.53.0)
      thor (>= 0.13.6)
    http_parser.rb (0.5.3)
    json (1.7.4)
    simple_oauth (0.1.9)
    thor (0.15.4)
    twitter-stream (0.1.16)
      eventmachine (>= 0.12.8)
      http_parser.rb (~> 0.5.1)
      simple_oauth (~> 0.1.4)

PLATFORMS
  ruby

DEPENDENCIES
  foreman
  json
  twitter-stream
